GEM
  remote: https://rubygems.org/
  specs:
    addressable (2.8.0)
      public_suffix (>= 2.0.2, < 5.0)
    crack (0.4.5)
      rexml
    faraday (2.3.0)
      faraday-net_http (~> 2.0)
      ruby2_keywords (>= 0.0.4)
    faraday-net_http (2.0.3)
    hashdiff (1.0.1)
    minitest (5.16.0)
    minitest-stub_any_instance (1.0.3)
    octokit (4.24.0)
      faraday (>= 1, < 3)
      sawyer (~> 0.9)
    public_suffix (4.0.7)
    rexml (3.2.5)
    ruby2_keywords (0.0.5)
    sawyer (0.9.2)
      addressable (>= 2.3.5)
      faraday (>= 0.17.3, < 3)
    webmock (3.14.0)
      addressable (>= 2.8.0)
      crack (>= 0.3.2)
      hashdiff (>= 0.4.0, < 2.0.0)

PLATFORMS
  ruby

DEPENDENCIES
  minitest
  minitest-stub_any_instance
  octokit
  webmock

BUNDLED WITH
   2.1.4
