GEM
  remote: https://rubygems.org/
  specs:
    addressable (2.8.0)
      public_suffix (>= 2.0.2, < 5.0)
    crack (0.4.5)
      rexml
    faraday (0.15.4)
      multipart-post (>= 1.2, < 3)
    hashdiff (1.0.1)
    minitest (5.15.0)
    minitest-stub_any_instance (1.0.3)
    multipart-post (2.1.1)
    octokit (4.14.0)
      sawyer (~> 0.8.0, >= 0.5.3)
    public_suffix (4.0.6)
    rexml (3.2.5)
    sawyer (0.8.2)
      addressable (>= 2.3.5)
      faraday (> 0.8, < 2.0)
    webmock (3.14.0)
      addressable (>= 2.8.0)
      crack (>= 0.3.2)
      hashdiff (>= 0.4.0, < 2.0.0)

PLATFORMS
  ruby

DEPENDENCIES
  minitest
  minitest-stub_any_instance
  octokit
  webmock

BUNDLED WITH
   2.1.4
